GEM
  remote: https://rubygems.org/
  specs:
    colorize (1.1.0)
    date (3.4.1)
    debug (1.10.0)
      irb (~> 1.10)
      reline (>= 0.3.8)
    io-console (0.8.0)
    irb (1.15.2)
      pp (>= 0.6.0)
      rdoc (>= 4.0.0)
      reline (>= 0.4.2)
    pp (0.6.2)
      prettyprint
    prettyprint (0.2.0)
    psych (5.2.4)
      date
      stringio
    rdoc (6.13.1)
      psych (>= 4.0.0)
    reline (0.6.1)
      io-console (~> 0.5)
    slop (4.10.1)
    stringio (3.1.7)

PLATFORMS
  arm64-darwin-24
  ruby

DEPENDENCIES
  colorize (~> 1.1)
  debug (~> 1.8)
  slop (~> 4.10)

BUNDLED WITH
   2.6.8
